GIT
  remote: git://github.com/github/gemoji.git
  revision: 204ace76dac5ea54ab79a7395640d29b3dd8b0fb
  ref: 204ace76dac5ea54ab79a7395640d29b3dd8b0fb
  specs:
    gemoji (1.5.0)

GIT
  remote: git://github.com/igrigorik/em-http-request.git
  revision: 1f298bfc7eafae7ab3ebcb5b5a890d19a62e8d4b
  ref: 1f298bfc7eafae7ab3ebcb5b5a890d19a62e8d4b
  specs:
    em-http-request (1.0.2)
      addressable (>= 2.2.3)
      cookiejar
      em-socksify
      eventmachine (>= 1.0.0.beta.4)
      http_parser.rb (>= 0.5.3)

GEM
  remote: https://rubygems.org/
  specs:
    addressable (2.3.3)
    cinch (1.1.3)
    coderay (1.1.0)
    cookiejar (0.3.0)
    crack (0.3.2)
    diff-lcs (1.2.2)
    em-eventsource (0.1.8)
      em-http-request (~> 1.0.0)
      eventmachine (~> 1.0.0.beta3)
    em-socksify (0.2.1)
      eventmachine (>= 1.0.0.beta.4)
    eventmachine (1.0.3)
    foreman (0.62.0)
      thor (>= 0.13.6)
    http_parser.rb (0.5.3)
    method_source (0.8.2)
    multi_json (1.7.2)
    pry (0.9.12.6)
      coderay (~> 1.0)
      method_source (~> 0.8)
      slop (~> 3.4)
    rspec (2.13.0)
      rspec-core (~> 2.13.0)
      rspec-expectations (~> 2.13.0)
      rspec-mocks (~> 2.13.0)
    rspec-core (2.13.1)
    rspec-expectations (2.13.0)
      diff-lcs (>= 1.1.3, < 2.0)
    rspec-mocks (2.13.0)
    slop (3.4.7)
    thor (0.18.1)
    webmock (1.11.0)
      addressable (>= 2.2.7)
      crack (>= 0.3.2)
    yajl-ruby (1.1.0)

PLATFORMS
  ruby

DEPENDENCIES
  cinch (~> 1.1.3)
  em-eventsource
  em-http-request!
  foreman
  gemoji!
  multi_json
  pry
  rspec
  webmock
  yajl-ruby
