GIT
  remote: git://github.com/github/gemoji.git
  revision: 204ace76dac5ea54ab79a7395640d29b3dd8b0fb
  ref: 204ace76dac5ea54ab79a7395640d29b3dd8b0fb
  specs:
    gemoji (1.5.0)

GIT
  remote: git://github.com/igrigorik/em-http-request.git
  revision: 1f298bfc7eafae7ab3ebcb5b5a890d19a62e8d4b
  ref: 1f298bfc7eafae7ab3ebcb5b5a890d19a62e8d4b
  specs:
    em-http-request (1.0.2)
      addressable (>= 2.2.3)
      cookiejar
      em-socksify
      eventmachine (>= 1.0.0.beta.4)
      http_parser.rb (>= 0.5.3)

GEM
  remote: https://rubygems.org/
  specs:
    addressable (2.3.6)
    cinch (2.1.0)
    coderay (1.1.0)
    cookiejar (0.3.2)
    crack (0.4.2)
      safe_yaml (~> 1.0.0)
    diff-lcs (1.2.5)
    dotenv (0.11.1)
      dotenv-deployment (~> 0.0.2)
    dotenv-deployment (0.0.2)
    em-eventsource (0.2.0)
      em-http-request (>= 1.0.0)
      eventmachine (>= 1.0.0.beta3)
    em-socksify (0.3.0)
      eventmachine (>= 1.0.0.beta.4)
    eventmachine (1.0.3)
    foreman (0.75.0)
      dotenv (~> 0.11.1)
      thor (~> 0.19.1)
    http_parser.rb (0.6.0)
    method_source (0.8.2)
    multi_json (1.10.1)
    pry (0.10.1)
      coderay (~> 1.1.0)
      method_source (~> 0.8.1)
      slop (~> 3.4)
    rspec (3.1.0)
      rspec-core (~> 3.1.0)
      rspec-expectations (~> 3.1.0)
      rspec-mocks (~> 3.1.0)
    rspec-core (3.1.7)
      rspec-support (~> 3.1.0)
    rspec-expectations (3.1.2)
      diff-lcs (>= 1.2.0, < 2.0)
      rspec-support (~> 3.1.0)
    rspec-mocks (3.1.3)
      rspec-support (~> 3.1.0)
    rspec-support (3.1.2)
    safe_yaml (1.0.4)
    slop (3.6.0)
    thor (0.19.1)
    webmock (1.20.4)
      addressable (>= 2.3.6)
      crack (>= 0.3.2)
    yajl-ruby (1.2.1)

PLATFORMS
  ruby

DEPENDENCIES
  cinch (~> 2)
  em-eventsource
  em-http-request!
  foreman
  gemoji!
  multi_json
  pry
  rspec
  webmock
  yajl-ruby
